GEM
  remote: https://rubygems.org/
  specs:
    rb-fsevent (0.9.4)
    sass (3.4.9)

PLATFORMS
  ruby

DEPENDENCIES
  rb-fsevent
  sass
